GEM
  remote: https://rubygems.org/
  specs:
    CFPropertyList (3.0.7)
      base64
      nkf
      rexml
    activesupport (5.2.8.1)
      concurrent-ruby (~> 1.0, >= 1.0.2)
      i18n (>= 0.7, < 2)
      minitest (~> 5.1)
      tzinfo (~> 1.1)
    addressable (2.8.6)
      public_suffix (>= 2.0.2, < 6.0)
    algoliasearch (1.27.5)
      httpclient (~> 2.8, >= 2.8.3)
      json (>= 1.5.1)
    ast (2.4.2)
    atomos (0.1.3)
    babosa (2.0.0)
    base64 (0.2.0)
    bigdecimal (3.1.8)
    capybara (2.4.4)
      mime-types (>= 1.16)
      nokogiri (>= 1.3.3)
      rack (>= 1.0.0)
      rack-test (>= 0.5.4)
      xpath (~> 2.0)
    claide (1.1.0)
    cliver (0.3.2)
    cocoapods (1.10.2)
      addressable (~> 2.6)
      claide (>= 1.0.2, < 2.0)
      cocoapods-core (= 1.10.2)
      cocoapods-deintegrate (>= 1.0.3, < 2.0)
      cocoapods-downloader (>= 1.4.0, < 2.0)
      cocoapods-plugins (>= 1.0.0, < 2.0)
      cocoapods-search (>= 1.0.0, < 2.0)
      cocoapods-trunk (>= 1.4.0, < 2.0)
      cocoapods-try (>= 1.1.0, < 2.0)
      colored2 (~> 3.1)
      escape (~> 0.0.4)
      fourflusher (>= 2.3.0, < 3.0)
      gh_inspector (~> 1.0)
      molinillo (~> 0.6.6)
      nap (~> 1.0)
      ruby-macho (~> 1.4)
      xcodeproj (>= 1.19.0, < 2.0)
    cocoapods-acknowledgements (1.3.0)
      cocoapods
      redcarpet (~> 3.3)
      xcodeproj
    cocoapods-core (1.10.2)
      activesupport (> 5.0, < 6)
      addressable (~> 2.6)
      algoliasearch (~> 1.0)
      concurrent-ruby (~> 1.1)
      fuzzy_match (~> 2.0.4)
      nap (~> 1.0)
      netrc (~> 0.11)
      public_suffix
      typhoeus (~> 1.0)
    cocoapods-deintegrate (1.0.5)
    cocoapods-downloader (1.6.3)
    cocoapods-plugins (1.0.0)
      nap
    cocoapods-search (1.0.1)
    cocoapods-trunk (1.6.0)
      nap (>= 0.8, < 2.0)
      netrc (~> 0.11)
    cocoapods-try (1.2.0)
    colored (1.2)
    colored2 (3.1.2)
    commander (4.2.1)
      highline (~> 1.6.11)
    concurrent-ruby (1.2.3)
    credentials_manager (0.2.1)
      colored
      highline
      security
    deliver (0.9.2)
      excon
      fastimage (~> 1.6.3)
      fastlane_core (>= 0.5.2)
      nokogiri (~> 1.6.5)
      plist (~> 3.1.0)
      prawn
      rubyzip (~> 1.1.6)
    escape (0.0.4)
    ethon (0.16.0)
      ffi (>= 1.15.0)
    excon (0.45.4)
    fastimage (1.6.8)
      addressable (~> 2.3, >= 2.3.5)
    fastlane (0.0.1)
      capybara (~> 2.4.3)
      colored
      commander (~> 4.2.0)
      deliver
      highline (~> 1.6.21)
      json
      poltergeist (~> 1.5.1)
      security (~> 0.1.3)
    fastlane-plugin-appicon (0.16.0)
      json
      mini_magick (>= 4.9.4, < 5.0.0)
    fastlane-plugin-clean_testflight_testers (0.3.0)
    fastlane_core (0.6.0)
      babosa
      capybara (~> 2.4.3)
      colored
      commander (>= 4.1.0)
      credentials_manager (>= 0.2.1)
      excon (~> 0.45.0)
      highline
      json
      multi_json
      phantomjs (~> 1.9.8)
      poltergeist (~> 1.5.1)
    ffi (1.16.3)
    fourflusher (2.3.1)
    fuzzy_match (2.0.4)
    gh_inspector (1.1.3)
    highline (1.6.21)
    httpclient (2.8.3)
    i18n (1.14.5)
      concurrent-ruby (~> 1.0)
    json (2.7.2)
    matrix (0.4.2)
    mime-types (3.5.2)
      mime-types-data (~> 3.2015)
    mime-types-data (3.2024.0507)
    mini_magick (4.12.0)
    mini_portile2 (2.1.0)
    minitest (5.23.0)
    molinillo (0.6.6)
    multi_json (1.15.0)
    nanaimo (0.3.0)
    nap (1.1.0)
    netrc (0.11.0)
    nkf (0.2.0)
    nokogiri (1.6.8.1)
      mini_portile2 (~> 2.1.0)
    parallel (1.24.0)
    parser (3.3.1.0)
      ast (~> 2.4.1)
      racc
    pdf-core (0.10.0)
    phantomjs (1.9.8.0)
    plist (3.1.0)
    poltergeist (1.5.1)
      capybara (~> 2.1)
      cliver (~> 0.3.1)
      multi_json (~> 1.0)
      websocket-driver (>= 0.2.0)
    prawn (2.5.0)
      matrix (~> 0.4)
      pdf-core (~> 0.10.0)
      ttfunk (~> 1.8)
    public_suffix (5.0.5)
    racc (1.7.3)
    rack (3.0.11)
    rack-test (2.1.0)
      rack (>= 1.3)
    rainbow (3.1.1)
    redcarpet (3.6.0)
    regexp_parser (2.9.2)
    rexml (3.2.8)
      strscan (>= 3.0.9)
    rubocop (1.22.1)
      parallel (~> 1.10)
      parser (>= 3.0.0.0)
      rainbow (>= 2.2.2, < 4.0)
      regexp_parser (>= 1.8, < 3.0)
      rexml
      rubocop-ast (>= 1.12.0, < 2.0)
      ruby-progressbar (~> 1.7)
      unicode-display_width (>= 1.4.0, < 3.0)
    rubocop-ast (1.31.3)
      parser (>= 3.3.1.0)
    ruby-macho (1.4.0)
    ruby-progressbar (1.13.0)
    rubyzip (1.1.7)
    security (0.1.5)
    strscan (3.1.0)
    thread_safe (0.3.6)
    ttfunk (1.8.0)
      bigdecimal (~> 3.1)
    typhoeus (1.4.1)
      ethon (>= 0.9.0)
    tzinfo (1.2.11)
      thread_safe (~> 0.1)
    unicode-display_width (2.5.0)
    websocket-driver (0.7.6)
      websocket-extensions (>= 0.1.0)
    websocket-extensions (0.1.5)
    xcodeproj (1.24.0)
      CFPropertyList (>= 2.3.3, < 4.0)
      atomos (~> 0.1.3)
      claide (>= 1.0.2, < 2.0)
      colored2 (~> 3.1)
      nanaimo (~> 0.3.0)
      rexml (~> 3.2.4)
    xpath (2.1.0)
      nokogiri (~> 1.3)

PLATFORMS
  x86_64-darwin-20
  x86_64-darwin-21
  x86_64-linux

DEPENDENCIES
  cocoapods (= 1.10.2)
  cocoapods-acknowledgements
  fastlane
  fastlane-plugin-appicon
  fastlane-plugin-clean_testflight_testers
  rubocop

BUNDLED WITH
   2.2.2
